PATH
  remote: .
  specs:
    encryptbot (0.1.6)
      acme-client
      aws-sdk-route53
      faraday
      platform-api
      slack-notifier

GEM
  remote: https://rubygems.org/
  specs:
    acme-client (2.0.5)
      faraday (~> 0.9, >= 0.9.1)
    aws-eventstream (1.0.3)
    aws-partitions (1.256.0)
    aws-sdk-core (3.86.0)
      aws-eventstream (~> 1.0, >= 1.0.2)
      aws-partitions (~> 1, >= 1.239.0)
      aws-sigv4 (~> 1.1)
      jmespath (~> 1.0)
    aws-sdk-route53 (1.30.0)
      aws-sdk-core (~> 3, >= 3.71.0)
      aws-sigv4 (~> 1.1)
    aws-sigv4 (1.1.0)
      aws-eventstream (~> 1.0, >= 1.0.2)
    erubis (2.7.0)
    excon (0.71.0)
    faraday (0.17.1)
      multipart-post (>= 1.2, < 3)
    heroics (0.0.25)
      erubis (~> 2.0)
      excon
      moneta
      multi_json (>= 1.9.2)
    jmespath (1.4.0)
    moneta (1.0.0)
    multi_json (1.14.1)
    multipart-post (2.1.1)
    platform-api (2.2.0)
      heroics (~> 0.0.25)
      moneta (~> 1.0.0)
    rake (10.5.0)
    slack-notifier (2.3.2)

PLATFORMS
  ruby

DEPENDENCIES
  bundler (~> 1.16)
  encryptbot!
  rake (~> 10.0)

BUNDLED WITH
   1.17.2
