PATH
  remote: .
  specs:
    encryptbot (0.1.5)
      acme-client
      aws-sdk-route53
      faraday
      platform-api
      slack-notifier

GEM
  remote: https://rubygems.org/
  specs:
    acme-client (2.0.0)
      faraday (~> 0.9, >= 0.9.1)
    aws-eventstream (1.0.1)
    aws-partitions (1.94.0)
    aws-sdk-core (3.22.1)
      aws-eventstream (~> 1.0)
      aws-partitions (~> 1.0)
      aws-sigv4 (~> 1.0)
      jmespath (~> 1.0)
    aws-sdk-route53 (1.10.0)
      aws-sdk-core (~> 3)
      aws-sigv4 (~> 1.0)
    aws-sigv4 (1.0.3)
    erubis (2.7.0)
    excon (0.62.0)
    faraday (0.15.2)
      multipart-post (>= 1.2, < 3)
    heroics (0.0.24)
      erubis (~> 2.0)
      excon
      moneta
      multi_json (>= 1.9.2)
    jmespath (1.4.0)
    moneta (0.8.1)
    multi_json (1.13.1)
    multipart-post (2.0.0)
    platform-api (2.1.0)
      heroics (~> 0.0.23)
      moneta (~> 0.8.1)
    rake (10.5.0)
    slack-notifier (2.3.2)

PLATFORMS
  ruby

DEPENDENCIES
  bundler (~> 1.16)
  encryptbot!
  rake (~> 10.0)

BUNDLED WITH
   1.16.1
